GEM
  remote: https://rubygems.org/
  specs:
    haml (4.0.1)
      tilt
    nokogiri (1.5.9)
    rack (1.5.2)
    rack-cache (1.2)
      rack (>= 0.4)
    rack-protection (1.5.0)
      rack
    sass (3.2.1)
    sinatra (1.4.2)
      rack (~> 1.5, >= 1.5.2)
      rack-protection (~> 1.4)
      tilt (~> 1.3, >= 1.3.4)
    tilt (1.3.6)

PLATFORMS
  ruby

DEPENDENCIES
  haml
  nokogiri
  rack
  rack-cache
  sass
  sinatra
